PATH
  remote: .
  specs:
    plan_out (0.0.2)

GEM
  remote: https://rubygems.org/
  specs:
    minitest (5.11.1)
    rake (12.3.0)

PLATFORMS
  ruby

DEPENDENCIES
  bundler (~> 1.7)
  minitest (~> 5.5)
  plan_out!
  rake

BUNDLED WITH
   1.16.0
